PATH
  remote: .
  specs:
    bundler-console (0.0.1)

GEM
  remote: https://rubygems.org/
  specs:
    coderay (1.1.2)
    method_source (0.9.0)
    minitest (5.10.3)
    pry (0.11.2)
      coderay (~> 1.1.0)
      method_source (~> 0.9.0)
    rake (12.2.1)

PLATFORMS
  ruby

DEPENDENCIES
  bundler (~> 1.16.a)
  bundler-console!
  minitest (~> 5.10)
  pry
  rake (~> 12.2)

BUNDLED WITH
   1.16.0.pre.3
